GEM
  remote: https://rubygems.org/
  specs:
    daemons (1.2.3)
    dotenv (2.1.0)
    eventmachine (1.0.9.1)
    httparty (0.11.0)
      multi_json (~> 1.0)
      multi_xml (>= 0.5.2)
    json (1.8.3)
    multi_json (1.11.2)
    multi_xml (0.5.5)
    rack (1.6.4)
    rack-protection (1.5.3)
      rack
    ruby-stackoverflow (0.0.3)
      httparty (~> 0.11.0)
      json
    sinatra (1.4.7)
      rack (~> 1.5)
      rack-protection (~> 1.4)
      tilt (>= 1.3, < 3)
    thin (1.6.4)
      daemons (~> 1.0, >= 1.0.9)
      eventmachine (~> 1.0, >= 1.0.4)
      rack (~> 1.0)
    tilt (2.0.2)

PLATFORMS
  ruby

DEPENDENCIES
  dotenv
  httparty
  ruby-stackoverflow
  sinatra
  thin

BUNDLED WITH
   1.11.2
